NUGET
  remote: https://nuget.org/api/v2
  specs:
    NFluent (1.3.1)
    NUnit (2.6.3)
    NUnit.Runners (2.6.3)
